GIT
  remote: https://github.com/benbalter/site-inspector-ruby
  revision: 89ff0fad3846709bc39713f31e4cffdd6e27f0ee
  specs:
    site-inspector (0.1.0)
      dnsruby
      gman
      nokogiri
      public_suffix
      sniffles
      typhoeus

GEM
  remote: https://rubygems.org/
  specs:
    addressable (2.3.6)
    backports (3.6.0)
    bson (1.10.2)
    bson_ext (1.10.2)
      bson (~> 1.10.2)
    dnsruby (1.54)
    ethon (0.7.1)
      ffi (>= 1.3.0)
    ffi (1.9.3)
    gman (2.1.3)
      addressable (~> 2.3)
      public_suffix (~> 1.4)
      swot (~> 0.3.1)
    mini_portile (0.6.0)
    mongo (1.10.2)
      bson (= 1.10.2)
    multi_json (1.10.1)
    nokogiri (1.6.2.1)
      mini_portile (= 0.6.0)
    public_suffix (1.4.4)
    rack (1.5.2)
    rack-cache (1.2)
      rack (>= 0.4)
    rack-protection (1.5.3)
      rack
    rack-test (0.6.2)
      rack (>= 1.0)
    sinatra (1.4.5)
      rack (~> 1.4)
      rack-protection (~> 1.4)
      tilt (~> 1.3, >= 1.3.4)
    sinatra-contrib (1.4.2)
      backports (>= 2.0)
      multi_json
      rack-protection
      rack-test
      sinatra (~> 1.4.0)
      tilt (~> 1.3)
    sniffles (0.2.0)
      nokogiri (~> 1.6.1)
    swot (0.3.1)
      public_suffix
    tidy_ffi (0.1.4)
      ffi (>= 0.3.5)
    tilt (1.4.1)
    typhoeus (0.6.9)
      ethon (>= 0.7.1)

PLATFORMS
  ruby

DEPENDENCIES
  addressable
  bson_ext
  mongo
  rack-cache
  sinatra
  sinatra-contrib
  site-inspector!
  tidy_ffi
